GEM
  remote: https://rubygems.org/
  specs:
    redis (3.3.0)

PLATFORMS
  ruby

DEPENDENCIES
  redis (~> 3.2)
